GEM
  remote: https://rubygems.org/
  specs:
    archive-tar-minitar (0.5.2)
    celluloid (0.12.4)
      facter (>= 1.6.12)
      timers (>= 1.0.0)
    childprocess (0.3.7)
      ffi (~> 1.0, >= 1.0.6)
    coderay (1.0.8)
    erubis (2.7.0)
    facter (1.6.17)
    ffi (1.3.1)
    i18n (0.6.1)
    jamie (0.1.0.beta4)
      celluloid
      mixlib-shellout
      net-scp
      net-ssh
      pry
      thor
    jamie-vagrant (0.5.2)
      jamie (~> 0.1.0.beta1)
      vagrant (~> 1.0.5)
    json (1.5.4)
    log4r (1.1.10)
    method_source (0.8.1)
    mixlib-shellout (1.1.0)
    net-scp (1.0.4)
      net-ssh (>= 1.99.1)
    net-ssh (2.2.2)
    pry (0.9.11.4)
      coderay (~> 1.0.5)
      method_source (~> 0.8)
      slop (~> 3.4)
    slop (3.4.3)
    thor (0.17.0)
    timers (1.1.0)
    vagrant (1.0.6)
      archive-tar-minitar (= 0.5.2)
      childprocess (~> 0.3.1)
      erubis (~> 2.7.0)
      i18n (~> 0.6.0)
      json (~> 1.5.1)
      log4r (~> 1.1.9)
      net-scp (~> 1.0.4)
      net-ssh (~> 2.2.2)

PLATFORMS
  ruby

DEPENDENCIES
  jamie-vagrant
